GIT
  remote: git://github.com/junegunn/perlin_noise.git
  revision: e1f841a638ce5f6e288593916819a5fb68e3cb1b
  specs:
    perlin_noise (0.1.2)

PATH
  remote: ../sketch-control
  specs:
    sketch-control (0.0.1)
      methadone

GEM
  remote: http://rubygems.org/
  specs:
    methadone (1.3.0)
      bundler
    ruby-processing (1.0.11)

PLATFORMS
  java
  ruby

DEPENDENCIES
  perlin_noise!
  ruby-processing
  sketch-control!
