GIT
  remote: git://github.com/junegunn/perlin_noise.git
  revision: e1f841a638ce5f6e288593916819a5fb68e3cb1b
  specs:
    perlin_noise (0.1.2)

GEM
  remote: http://rubygems.org/
  remote: http://gems.rubyforge.org/
  specs:
    ruby-processing (1.0.11)

PLATFORMS
  java
  ruby

DEPENDENCIES
  perlin_noise!
  ruby-processing
