GEM
  remote: http://rubygems.org/
  remote: http://gems.rubyforge.org/
  specs:
    ruby-processing (1.0.11)

PLATFORMS
  ruby

DEPENDENCIES
  ruby-processing
